PATH
  remote: .
  specs:
    poke_api_restful (0.1.0)

GEM
  remote: https://rubygems.org/
  specs:
    addressable (2.8.0)
      public_suffix (>= 2.0.2, < 5.0)
    crack (0.4.5)
      rexml
    hashdiff (1.0.1)
    minitest (5.14.4)
    public_suffix (4.0.6)
    rake (12.3.3)
    rexml (3.2.5)
    vcr (6.0.0)
    webmock (3.14.0)
      addressable (>= 2.8.0)
      crack (>= 0.3.2)
      hashdiff (>= 0.4.0, < 2.0.0)

PLATFORMS
  x86_64-linux

DEPENDENCIES
  minitest (~> 5.14, >= 5.14.4)
  poke_api_restful!
  rake (~> 12.0)
  vcr
  webmock

BUNDLED WITH
   2.2.32
