PATH
  remote: .
  specs:
    poke_api_restful (0.1.0)

GEM
  remote: https://rubygems.org/
  specs:
    minitest (5.14.4)
    rake (12.3.3)

PLATFORMS
  x86_64-linux

DEPENDENCIES
  minitest (~> 5.14, >= 5.14.4)
  poke_api_restful!
  rake (~> 12.0)

BUNDLED WITH
   2.2.32
